PATH
  remote: .
  specs:
    search_autocomplete (0.1.1)

GEM
  remote: https://rubygems.org/
  specs:

PLATFORMS
  ruby

DEPENDENCIES
  search_autocomplete!

BUNDLED WITH
   2.2.3
